GEM
  remote: https://rubygems.org/
  specs:
    net-ssh (5.2.0)

PLATFORMS
  ruby

DEPENDENCIES
  net-ssh

RUBY VERSION
   ruby 2.6.5p114

BUNDLED WITH
   2.0.2
